GIT
  remote: git://github.com/jechols/questioning_authority
  revision: d22e9abe10fde69eaa07d7698edfb09fb98785c2
  branch: feature/od-fixes
  specs:
    qa (0.0.3)
      activerecord-import (>= 0.4.0)
      deprecation
      nokogiri (~> 1.6.0)
      rails (~> 4.0.0)
      rest-client

GIT
  remote: git://github.com/tobiasr/sprockets-digest-assets-fix.git
  revision: 88c756c20c17038fb5b463ae2430d13da35f33a8
  specs:
    sprockets-digest-assets-fix (1.0.0)

GIT
  remote: https://github.com/no-reply/active_fedora.git
  revision: 3ee384fd3e3fcd83b226bf2840ad23788f157b11
  branch: oregon-af7
  specs:
    active-fedora (7.0.0.rc3)
      activesupport (>= 3.0.0)
      deprecation
      linkeddata
      mediashelf-loggable
      nom-xml (>= 0.5.1)
      om (~> 3.0.0)
      rdf-rdfxml (~> 1.1.0)
      rsolr (~> 1.0.10.pre1)
      rubydora (~> 1.7.4)

GIT
  remote: https://github.com/no-reply/hydra-head.git
  revision: bca8881b54af81dae02b659036481474089834e1
  branch: AF7-RDF
  specs:
    hydra-access-controls (6.4.0)
      active-fedora
      activesupport
      blacklight (~> 4.0)
      cancan
      deprecation
    hydra-core (6.4.0)
      active-fedora
      blacklight (~> 4.0)
      block_helpers
      deprecation (>= 0.0.5)
      hydra-access-controls (= 6.4.0)
      jettywrapper (>= 1.4.1)
      rails (>= 3.2.3, < 5)
    hydra-head (6.4.0)
      hydra-access-controls (= 6.4.0)
      hydra-core (= 6.4.0)
      rails (>= 3.2.6)

GEM
  remote: https://rubygems.org/
  specs:
    actionmailer (4.0.0)
      actionpack (= 4.0.0)
      mail (~> 2.5.3)
    actionpack (4.0.0)
      activesupport (= 4.0.0)
      builder (~> 3.1.0)
      erubis (~> 2.7.0)
      rack (~> 1.5.2)
      rack-test (~> 0.6.2)
    active_fedora-crosswalks (0.0.7)
      active-fedora
      activesupport (>= 3.2.0, < 5.0)
      bagit
      mime-types
    activemodel (4.0.0)
      activesupport (= 4.0.0)
      builder (~> 3.1.0)
    activerecord (4.0.0)
      activemodel (= 4.0.0)
      activerecord-deprecated_finders (~> 1.0.2)
      activesupport (= 4.0.0)
      arel (~> 4.0.0)
    activerecord-deprecated_finders (1.0.3)
    activerecord-import (0.4.1)
      activerecord (>= 3.0)
    activesupport (4.0.0)
      i18n (~> 0.6, >= 0.6.4)
      minitest (~> 4.2)
      multi_json (~> 1.3)
      thread_safe (~> 0.1)
      tzinfo (~> 0.3.37)
    addressable (2.3.5)
    arel (4.0.0)
    atomic (1.1.14)
    backports (3.3.5)
    bagit (0.3.2)
      docopt (~> 0.5.0)
      validatable (~> 1.6)
    bcrypt-ruby (3.1.2)
    blacklight (4.4.2)
      bootstrap-sass (>= 2.2.0, < 2.4)
      kaminari (~> 0.13)
      marc (>= 0.4.3, < 1.1)
      nokogiri (~> 1.6)
      rails (>= 3.2.6, < 5)
      rsolr (~> 1.0.6)
      sass-rails
    blacklight_advanced_search (2.2.0)
      blacklight (~> 4.0)
      parslet
    blankslate (2.1.2.4)
    block_helpers (0.3.3)
      activesupport (>= 2.0)
    bootstrap-sass (2.3.2.2)
      sass (~> 3.2)
    bootstrap_forms (4.0.1)
    bson (1.9.2)
    bson_ext (1.9.2)
      bson (~> 1.9.2)
    builder (3.1.4)
    byebug (2.7.0)
      columnize (~> 0.3)
      debugger-linecache (~> 1.2)
    cancan (1.6.10)
    capybara (2.1.0)
      mime-types (>= 1.16)
      nokogiri (>= 1.3.3)
      rack (>= 1.0.0)
      rack-test (>= 0.5.4)
      xpath (~> 2.0)
    carrierwave (0.9.0)
      activemodel (>= 3.2.0)
      activesupport (>= 3.2.0)
      json (>= 1.7)
    childprocess (0.3.9)
      ffi (~> 1.0, >= 1.0.11)
    cliver (0.3.2)
    cocoon (1.2.1)
    coderay (1.0.9)
    coffee-rails (4.0.1)
      coffee-script (>= 2.2.0)
      railties (>= 4.0.0, < 5.0)
    coffee-script (2.2.0)
      coffee-script-source
      execjs
    coffee-script-source (1.6.3)
    columnize (0.8.9)
    constantinople (0.2.2)
      deep_merge (~> 1.0)
      map (~> 4.2)
    coveralls (0.7.0)
      multi_json (~> 1.3)
      rest-client
      simplecov (>= 0.7)
      term-ansicolor
      thor
    crack (0.4.1)
      safe_yaml (~> 0.9.0)
    daemons (1.1.9)
    dalli (2.7.2)
    database_cleaner (1.2.0)
    debugger-linecache (1.2.0)
    deep_merge (1.0.0)
    deprecation (0.0.5)
      activesupport
    devise (3.1.1)
      bcrypt-ruby (~> 3.0)
      orm_adapter (~> 0.1)
      railties (>= 3.2.6, < 5)
      thread_safe (~> 0.1)
      warden (~> 1.2.3)
    devise-guests (0.3.2)
      devise
    diff-lcs (1.2.4)
    docopt (0.5.0)
    docsplit (0.7.2)
    draper (1.2.1)
      actionpack (>= 3.0)
      activesupport (>= 3.0)
      request_store (~> 1.0.3)
    ebnf (0.3.2)
      rdf
      sxp
    equivalent-xml (0.4.2)
      nokogiri (>= 1.4.3)
    erubis (2.7.0)
    execjs (2.0.2)
    exifr (1.1.3)
    factory_girl (4.2.0)
      activesupport (>= 3.0.0)
    factory_girl_rails (4.2.1)
      factory_girl (~> 4.2.0)
      railties (>= 3.0.0)
    fakeredis (0.4.3)
      redis (~> 3.0.0)
    faraday (0.8.8)
      multipart-post (~> 1.2.0)
    faraday_middleware (0.9.0)
      faraday (>= 0.7.4, < 0.9)
    fastercsv (1.5.5)
    ffi (1.9.0)
    formatador (0.2.4)
    guard (1.8.3)
      formatador (>= 0.2.4)
      listen (~> 1.3)
      lumberjack (>= 1.0.2)
      pry (>= 0.9.10)
      thor (>= 0.14.6)
    guard-rspec (3.1.0)
      guard (>= 1.8)
      rspec (~> 2.13)
    haml (4.0.5)
      tilt
    hike (1.2.3)
    hooks (0.3.6)
      uber (~> 0.0.4)
    htmlentities (4.3.2)
    hybag (0.2.0)
      active-fedora
      activesupport (>= 3.2.0, < 5.0)
      bagit
      mime-types
    hydra-derivatives (0.1.0)
      active-fedora
      activesupport (>= 3.2.13, < 5.0)
      hydra-file_characterization
      mini_magick
    hydra-file_characterization (0.3.1)
      activesupport (>= 3.0.0)
    hydra-role-management (0.1.0)
      bootstrap_forms
      cancan
    i18n (0.6.5)
    ip-ranges (0.1.1)
      netaddr (~> 1.5.0)
    jettywrapper (1.4.2)
      activesupport (>= 3.0.0)
      childprocess
      i18n
      logger
      mediashelf-loggable
    jquery-fileupload-rails (0.4.1)
      actionpack (>= 3.1)
      railties (>= 3.1)
    jquery-rails (3.0.4)
      railties (>= 3.0, < 5.0)
      thor (>= 0.14, < 2.0)
    jquery-ui-rails (4.2.0)
      railties (>= 3.2.16)
    json (1.8.1)
    json-ld (1.1.4)
      rdf (~> 1.1)
    kaminari (0.14.1)
      actionpack (>= 3.0.0)
      activesupport (>= 3.0.0)
    linkeddata (1.1.0)
      json-ld (>= 1.1.0)
      rdf (>= 1.1.0)
      rdf-isomorphic (>= 1.1.0)
      rdf-json (>= 1.1.0)
      rdf-microdata (>= 1.1.0)
      rdf-n3 (>= 1.1.0)
      rdf-rdfa (>= 1.1.0)
      rdf-rdfxml (>= 1.1.0)
      rdf-trig (>= 1.1.0)
      rdf-trix (>= 1.1.0)
      rdf-turtle (>= 1.1.0)
      sparql (>= 1.1.2)
      sparql-client (>= 1.1.0)
    listen (1.3.1)
      rb-fsevent (>= 0.9.3)
      rb-inotify (>= 0.9)
      rb-kqueue (>= 0.2)
    logger (1.2.8)
    lumberjack (1.0.4)
    mail (2.5.4)
      mime-types (~> 1.16)
      treetop (~> 1.4.8)
    mail_form (1.5.0)
      actionmailer (>= 3.2, < 5)
      activemodel (>= 3.2, < 5)
    map (4.7.1)
    marc (0.7.1)
    mediashelf-loggable (0.4.9)
    metadata-ingest-form (2.4.0)
      activemodel (>= 3.0)
    method_source (0.8.2)
    mime-types (1.25)
    mini_magick (3.7.0)
      subexec (~> 0.2.1)
    mini_portile (0.5.1)
    minitest (4.7.5)
    mongo (1.9.2)
      bson (~> 1.9.2)
    mono_logger (1.1.0)
    multi_json (1.8.2)
    multipart-post (1.2.0)
    mysql2 (0.3.14)
    net-http-persistent (2.9.4)
    netaddr (1.5.0)
    newrelic_rpm (3.7.3.204)
    noid (0.6.6)
      backports
    nokogiri (1.6.0)
      mini_portile (~> 0.5.0)
    nom-xml (0.5.1)
      activesupport
      i18n
      nokogiri
    oai (0.3.1)
      builder (>= 2.0.0)
      faraday
      faraday_middleware
    om (3.0.4)
      activemodel
      activesupport
      deprecation
      mediashelf-loggable
      nokogiri (>= 1.4.2)
      solrizer (~> 3.1.0)
    orm_adapter (0.4.0)
    parslet (1.5.0)
      blankslate (~> 2.0)
    poltergeist (1.5.0)
      capybara (~> 2.1)
      cliver (~> 0.3.1)
      multi_json (~> 1.0)
      websocket-driver (>= 0.2.0)
    polyglot (0.3.3)
    pry (0.9.12.2)
      coderay (~> 1.0.5)
      method_source (~> 0.8)
      slop (~> 3.4)
    pry-byebug (1.3.2)
      byebug (~> 2.7)
      pry (~> 0.9.12)
    pry-doc (0.4.6)
      pry (>= 0.9)
      yard (>= 0.8)
    pry-rails (0.3.2)
      pry (>= 0.9.10)
    puma (2.8.0)
      rack (>= 1.1, < 2.0)
    rack (1.5.2)
    rack-protection (1.5.0)
      rack
    rack-test (0.6.2)
      rack (>= 1.0)
    rails (4.0.0)
      actionmailer (= 4.0.0)
      actionpack (= 4.0.0)
      activerecord (= 4.0.0)
      activesupport (= 4.0.0)
      bundler (>= 1.3.0, < 2.0)
      railties (= 4.0.0)
      sprockets-rails (~> 2.0.0)
    railties (4.0.0)
      actionpack (= 4.0.0)
      activesupport (= 4.0.0)
      rake (>= 0.8.7)
      thor (>= 0.18.1, < 2.0)
    rake (10.1.0)
    rb-fsevent (0.9.3)
    rb-inotify (0.9.2)
      ffi (>= 0.5.0)
    rb-kqueue (0.2.0)
      ffi (>= 0.5.0)
    rdf (1.1.2.1)
    rdf-aggregate-repo (1.1.0)
      rdf (>= 1.1)
    rdf-isomorphic (1.1.0)
      rdf (>= 1.1)
    rdf-json (1.1.0)
      rdf (>= 1.1.0)
    rdf-microdata (1.1.1.1)
      htmlentities (~> 4.3)
      nokogiri (~> 1.6)
      rdf (~> 1.1)
      rdf-xsd (~> 1.1)
    rdf-mongo (1.1.0)
      mongo (>= 1.8.6)
      rdf (>= 1.1)
    rdf-n3 (1.1.0.1)
      rdf (~> 1.1)
    rdf-rdfa (1.1.3.1)
      haml (~> 4.0)
      htmlentities (~> 4.3)
      rdf (~> 1.1)
      rdf-xsd (~> 1.1)
    rdf-rdfxml (1.1.0.1)
      rdf (~> 1.1)
      rdf-rdfa (~> 1.1)
      rdf-xsd (~> 1.1)
    rdf-trig (1.1.0)
      ebnf (>= 0.3.0)
      rdf (>= 1.0.7)
      rdf-turtle (>= 1.0.9)
    rdf-trix (1.1.0)
      rdf (>= 1.1)
    rdf-turtle (1.1.0.1)
      ebnf (>= 0.3.2)
      rdf (>= 1.1)
    rdf-xsd (1.1.0)
      rdf (>= 1.1)
    recursive-open-struct (0.4.4)
    redis (3.0.6)
    redis-namespace (1.3.1)
      redis (~> 3.0.0)
    request_store (1.0.5)
    resque (1.25.1)
      mono_logger (~> 1.0)
      multi_json (~> 1.0)
      redis-namespace (~> 1.2)
      sinatra (>= 0.9.2)
      vegas (~> 0.1.2)
    rest-client (1.6.7)
      mime-types (>= 1.16)
    rmagick (2.13.2)
    rsolr (1.0.10.pre1)
      builder (>= 2.1.2)
    rspec (2.14.1)
      rspec-core (~> 2.14.0)
      rspec-expectations (~> 2.14.0)
      rspec-mocks (~> 2.14.0)
    rspec-core (2.14.6)
    rspec-expectations (2.14.3)
      diff-lcs (>= 1.1.3, < 2.0)
    rspec-mocks (2.14.4)
    rspec-rails (2.14.0)
      actionpack (>= 3.0)
      activesupport (>= 3.0)
      railties (>= 3.0)
      rspec-core (~> 2.14.0)
      rspec-expectations (~> 2.14.0)
      rspec-mocks (~> 2.14.0)
    ruby-filemagic (0.4.2)
    ruby-vips (0.3.6)
    rubydora (1.7.4)
      activemodel
      activesupport
      deprecation
      equivalent-xml
      fastercsv
      hooks (~> 0.3.0)
      mime-types
      nokogiri
      rest-client
    safe_yaml (0.9.7)
    sass (3.2.12)
    sass-rails (4.0.1)
      railties (>= 4.0.0, < 5.0)
      sass (>= 3.1.10)
      sprockets-rails (~> 2.0.0)
    simple_form (3.0.0)
      actionpack (>= 4.0.0, < 4.1)
      activemodel (>= 4.0.0, < 4.1)
    simplecov (0.7.1)
      multi_json (~> 1.0)
      simplecov-html (~> 0.7.1)
    simplecov-html (0.7.1)
    sinatra (1.4.3)
      rack (~> 1.4)
      rack-protection (~> 1.4)
      tilt (~> 1.3, >= 1.3.4)
    slop (3.4.6)
    solrizer (3.1.1)
      activesupport
      daemons
      mediashelf-loggable (~> 0.4.7)
      nokogiri
      stomp
      xml-simple
    sparql (1.1.2.1)
      builder (>= 3.0)
      ebnf (>= 0.3.2)
      json (>= 1.7)
      rdf (>= 1.1.0)
      rdf-aggregate-repo (>= 1.1.0)
      rdf-xsd (>= 1.0.2)
      sparql-client (>= 1.1)
      sxp (>= 0.1.3)
    sparql-client (1.1.1)
      json (>= 1.8)
      net-http-persistent (>= 1.4)
      rdf (>= 1.1)
    spring (0.0.11)
    sprockets (2.10.0)
      hike (~> 1.2)
      multi_json (~> 1.0)
      rack (~> 1.0)
      tilt (~> 1.1, != 1.3.0)
    sprockets-rails (2.0.1)
      actionpack (>= 3.0)
      activesupport (>= 3.0)
      sprockets (~> 2.8)
    sqlite3 (1.3.8)
    stomp (1.3.2)
    subexec (0.2.3)
    sxp (0.1.4)
      json (>= 1.1.1)
    term-ansicolor (1.2.2)
      tins (~> 0.8)
    thor (0.18.1)
    thread_safe (0.1.3)
      atomic
    tilt (1.4.1)
    tins (0.12.0)
    treetop (1.4.15)
      polyglot
      polyglot (>= 0.3.1)
    tzinfo (0.3.38)
    uber (0.0.6)
    uglifier (2.2.1)
      execjs (>= 0.3.0)
      multi_json (~> 1.0, >= 1.0.2)
    unicode (0.4.4)
    validatable (1.6.7)
    vegas (0.1.11)
      rack (>= 1.0.0)
    warden (1.2.3)
      rack (>= 1.0)
    webmock (1.16.1)
      addressable (>= 2.2.7)
      crack (>= 0.3.2)
    websocket-driver (0.3.2)
    xml-simple (1.1.3)
    xpath (2.0.0)
      nokogiri (~> 1.3)
    yard (0.8.7.2)

PLATFORMS
  ruby

DEPENDENCIES
  active-fedora!
  active_fedora-crosswalks
  blacklight
  blacklight_advanced_search (~> 2.2.0)
  bootstrap-sass (~> 2.3.2.0)
  bson_ext
  capybara (~> 2.1)
  carrierwave (~> 0.9.0)
  cocoon (~> 1.2.0)
  coffee-rails (~> 4.0.0)
  constantinople (~> 0.2.2)
  coveralls
  dalli
  database_cleaner
  devise
  devise-guests (~> 0.3)
  docsplit
  draper
  exifr (~> 1.1.3)
  factory_girl_rails
  fakeredis
  guard (~> 1.0)
  guard-rspec (~> 3.0)
  hybag
  hydra-derivatives
  hydra-head (= 6.4.0)!
  hydra-role-management
  ip-ranges (~> 0.1.1)
  jettywrapper
  jquery-fileupload-rails (~> 0.4.1)
  jquery-rails (~> 3.0.4)
  jquery-ui-rails
  mail_form
  metadata-ingest-form (~> 2.4)
  mini_magick
  mysql2
  newrelic_rpm
  noid (~> 0.6.6)
  oai
  poltergeist (~> 1.5.0)
  pry
  pry-byebug
  pry-doc
  pry-rails
  puma
  qa (~> 0.0.3)!
  rails (~> 4.0.0)
  rdf (~> 1.1.2.1)
  rdf-mongo
  recursive-open-struct
  resque (~> 1.25.0)
  rmagick (~> 2.13.2)
  rspec-rails (~> 2.14.0)
  ruby-filemagic (~> 0.4.2)
  ruby-vips (~> 0.3.6)
  sass-rails (~> 4.0.0)
  simple_form (~> 3.0.0)
  sparql
  sparql-client
  spring
  sprockets-digest-assets-fix!
  sqlite3 (~> 1.3.7)
  uglifier (>= 1.3.0)
  unicode
  webmock
