GIT
  remote: git://github.com/OregonDigital/metadata-ingest-form.git
  revision: 1d36b5a1380fe009cda797555883b1d258463682
  specs:
    metadata-ingest-form (2.4.1)
      activemodel (>= 3.0)

GIT
  remote: git://github.com/circleci/rspec_junit_formatter.git
  revision: 7b098c8ab2ac5e5f78190b51629ed6d67a9de4d1
  specs:
    rspec_junit_formatter (0.2.0)
      builder (< 4)
      rspec (>= 2, < 4)
      rspec-core (!= 2.12.0)

GIT
  remote: git://github.com/code4lib/ruby-oai.git
  revision: 2962523677f8619f646ea95ece490c8c3a43e742
  branch: master
  specs:
    oai (0.3.1)
      builder (>= 3.1.0)
      faraday
      faraday_middleware

GIT
  remote: git://github.com/oregondigital/questioning_authority.git
  revision: 03009a16710c40cbb78ca90b88c955b914fb5706
  branch: fix/update_nokogiri
  specs:
    qa (0.0.3)
      activerecord-import (>= 0.4.0)
      deprecation
      nokogiri (~> 1.10.4)
      rails (~> 4.0)
      rest-client

GIT
  remote: git://github.com/terrellt/rdf-mongo.git
  revision: 4bd2a866fd9c8c4c65619c817325886ae70658e4
  specs:
    rdf-mongo (1.1.0)
      mongo (>= 1.8.6)
      rdf (>= 1.1)

GIT
  remote: git://github.com/tobiasr/sprockets-digest-assets-fix.git
  revision: 88c756c20c17038fb5b463ae2430d13da35f33a8
  specs:
    sprockets-digest-assets-fix (1.0.0)

GIT
  remote: https://github.com/OregonDigital/active_fedora
  revision: 78cf58e6028b72ea3848d1e0567697283a17ad0c
  specs:
    active-fedora (7.0.0.rc3)
      activesupport (>= 3.0.0)
      deprecation
      linkeddata
      mediashelf-loggable
      nom-xml (>= 0.5.1)
      om (~> 3.0.0)
      rdf-rdfxml (~> 1.1.0)
      rsolr (~> 1.0.10.pre1)
      rubydora (~> 1.7.4)

GIT
  remote: https://github.com/OregonDigital/hydra-head
  revision: 1ab00dd5c574c99852acb3a44486c6a5f706ca45
  specs:
    hydra-access-controls (6.4.0)
      active-fedora
      activesupport
      blacklight (~> 4.0)
      cancan
      deprecation
    hydra-core (6.4.0)
      active-fedora
      blacklight (~> 4.0)
      block_helpers
      deprecation (>= 0.0.5)
      hydra-access-controls (= 6.4.0)
      jettywrapper (>= 1.4.1)
      rails (>= 3.2.3, < 5)
    hydra-head (6.4.0)
      hydra-access-controls (= 6.4.0)
      hydra-core (= 6.4.0)
      rails (>= 3.2.6)

GIT
  remote: https://github.com/nahi/logger
  revision: 9f87939b71938ecc095fe2cc0408eb724c4b310f
  specs:
    logger (1.2.8)

GEM
  remote: https://rubygems.org/
  specs:
    actionmailer (4.2.11.1)
      actionpack (= 4.2.11.1)
      actionview (= 4.2.11.1)
      activejob (= 4.2.11.1)
      mail (~> 2.5, >= 2.5.4)
      rails-dom-testing (~> 1.0, >= 1.0.5)
    actionpack (4.2.11.1)
      actionview (= 4.2.11.1)
      activesupport (= 4.2.11.1)
      rack (~> 1.6)
      rack-test (~> 0.6.2)
      rails-dom-testing (~> 1.0, >= 1.0.5)
      rails-html-sanitizer (~> 1.0, >= 1.0.2)
    actionview (4.2.11.1)
      activesupport (= 4.2.11.1)
      builder (~> 3.1)
      erubis (~> 2.7.0)
      rails-dom-testing (~> 1.0, >= 1.0.5)
      rails-html-sanitizer (~> 1.0, >= 1.0.3)
    active_fedora-crosswalks (0.0.7)
      active-fedora
      activesupport (>= 3.2.0, < 5.0)
      bagit
      mime-types
    activejob (4.2.11.1)
      activesupport (= 4.2.11.1)
      globalid (>= 0.3.0)
    activemodel (4.2.11.1)
      activesupport (= 4.2.11.1)
      builder (~> 3.1)
    activerecord (4.2.11.1)
      activemodel (= 4.2.11.1)
      activesupport (= 4.2.11.1)
      arel (~> 6.0)
    activerecord-import (1.0.3)
      activerecord (>= 3.2)
    activesupport (4.2.11.1)
      i18n (~> 0.7)
      minitest (~> 5.1)
      thread_safe (~> 0.3, >= 0.3.4)
      tzinfo (~> 1.1)
    addressable (2.3.5)
    arel (6.0.4)
    bagit (0.3.2)
      docopt (~> 0.5.0)
      validatable (~> 1.6)
    bcrypt (3.1.13)
    blacklight (4.4.2)
      bootstrap-sass (>= 2.2.0, < 2.4)
      kaminari (~> 0.13)
      marc (>= 0.4.3, < 1.1)
      nokogiri (~> 1.6)
      rails (>= 3.2.6, < 5)
      rsolr (~> 1.0.6)
      sass-rails
    blacklight_advanced_search (2.2.0)
      blacklight (~> 4.0)
      parslet
    blankslate (2.1.2.4)
    block_helpers (0.3.3)
      activesupport (>= 2.0)
    bootstrap-sass (2.3.2.2)
      sass (~> 3.2)
    bootstrap_forms (4.0.1)
    bson (1.12.5)
    bson_ext (1.12.5)
      bson (~> 1.12.5)
    builder (3.2.3)
    byebug (2.7.0)
      columnize (~> 0.3)
      debugger-linecache (~> 1.2)
    cancan (1.6.10)
    capistrano (2.15.5)
      highline
      net-scp (>= 1.0.0)
      net-sftp (>= 2.0.0)
      net-ssh (>= 2.0.14)
      net-ssh-gateway (>= 1.1.0)
    capistrano-ext (1.2.1)
      capistrano (>= 1.0.0)
    capybara (2.4.3)
      mime-types (>= 1.16)
      nokogiri (>= 1.3.3)
      rack (>= 1.0.0)
      rack-test (>= 0.5.4)
      xpath (~> 2.0)
    capybara-screenshot (1.0.9)
      capybara (>= 1.0, < 3)
      launchy
    carrierwave (0.9.0)
      activemodel (>= 3.2.0)
      activesupport (>= 3.2.0)
      json (>= 1.7)
    childprocess (0.3.9)
      ffi (~> 1.0, >= 1.0.11)
    cliver (0.3.2)
    cocoon (1.2.1)
    coderay (1.0.9)
    coffee-rails (4.0.1)
      coffee-script (>= 2.2.0)
      railties (>= 4.0.0, < 5.0)
    coffee-script (2.3.0)
      coffee-script-source
      execjs
    coffee-script-source (1.7.1)
    columnize (0.8.9)
    concurrent-ruby (1.1.5)
    constantinople (0.2.2)
      deep_merge (~> 1.0)
      map (~> 4.2)
    coveralls (0.7.0)
      multi_json (~> 1.3)
      rest-client
      simplecov (>= 0.7)
      term-ansicolor
      thor
    crack (0.4.1)
      safe_yaml (~> 0.9.0)
    crass (1.0.5)
    daemons (1.1.9)
    dalli (2.7.2)
    database_cleaner (1.2.0)
    debugger-linecache (1.2.0)
    deep_merge (1.0.0)
    deprecation (0.1.0)
      activesupport
    devise (3.5.10)
      bcrypt (~> 3.0)
      orm_adapter (~> 0.1)
      railties (>= 3.2.6, < 5)
      responders
      thread_safe (~> 0.1)
      warden (~> 1.2.3)
    devise-guests (0.3.2)
      devise
    diff-lcs (1.2.5)
    docopt (0.5.0)
    docsplit (0.7.2)
    domain_name (0.5.20180417)
      unf (>= 0.0.5, < 1.0.0)
    draper (1.2.1)
      actionpack (>= 3.0)
      activesupport (>= 3.0)
      request_store (~> 1.0.3)
    ebnf (0.3.2)
      rdf
      sxp
    equivalent-xml (0.4.2)
      nokogiri (>= 1.4.3)
    erubis (2.7.0)
    execjs (2.2.1)
    exifr (1.1.3)
    factory_girl (4.2.0)
      activesupport (>= 3.0.0)
    factory_girl_rails (4.2.1)
      factory_girl (~> 4.2.0)
      railties (>= 3.0.0)
    fakeredis (0.4.3)
      redis (~> 3.0.0)
    faraday (0.9.0)
      multipart-post (>= 1.2, < 3)
    faraday_middleware (0.9.1)
      faraday (>= 0.7.4, < 0.10)
    fastercsv (1.5.5)
    ffi (1.9.25)
    globalid (0.3.7)
      activesupport (>= 4.1.0)
    haml (4.0.5)
      tilt
    highline (1.7.8)
    hike (1.2.3)
    hooks (0.3.6)
      uber (~> 0.0.4)
    htmlentities (4.3.2)
    http-cookie (1.0.3)
      domain_name (~> 0.5)
    hybag (0.2.0)
      active-fedora
      activesupport (>= 3.2.0, < 5.0)
      bagit
      mime-types
    hydra-derivatives (0.1.0)
      active-fedora
      activesupport (>= 3.2.13, < 5.0)
      hydra-file_characterization
      mini_magick
    hydra-file_characterization (0.3.1)
      activesupport (>= 3.0.0)
    hydra-role-management (0.1.0)
      bootstrap_forms
      cancan
    i18n (0.9.5)
      concurrent-ruby (~> 1.0)
    ip-ranges (0.1.1)
      netaddr (~> 1.5.0)
    jettywrapper (1.4.2)
      activesupport (>= 3.0.0)
      childprocess
      i18n
      logger
      mediashelf-loggable
    jquery-fileupload-rails (0.4.1)
      actionpack (>= 3.1)
      railties (>= 3.1)
    jquery-rails (3.1.4)
      railties (>= 3.0, < 5.0)
      thor (>= 0.14, < 2.0)
    jquery-ui-rails (4.2.0)
      railties (>= 3.2.16)
    json (1.8.6)
    json-ld (1.1.4)
      rdf (~> 1.1)
    kaminari (0.14.1)
      actionpack (>= 3.0.0)
      activesupport (>= 3.0.0)
    launchy (2.4.3)
      addressable (~> 2.3)
    linkeddata (1.1.0)
      json-ld (>= 1.1.0)
      rdf (>= 1.1.0)
      rdf-isomorphic (>= 1.1.0)
      rdf-json (>= 1.1.0)
      rdf-microdata (>= 1.1.0)
      rdf-n3 (>= 1.1.0)
      rdf-rdfa (>= 1.1.0)
      rdf-rdfxml (>= 1.1.0)
      rdf-trig (>= 1.1.0)
      rdf-trix (>= 1.1.0)
      rdf-turtle (>= 1.1.0)
      sparql (>= 1.1.2)
      sparql-client (>= 1.1.0)
    loofah (2.4.0)
      crass (~> 1.0.2)
      nokogiri (>= 1.5.9)
    mail (2.5.5)
      mime-types (~> 1.16)
      treetop (~> 1.4.8)
    mail_form (1.5.0)
      actionmailer (>= 3.2, < 5)
      activemodel (>= 3.2, < 5)
    map (4.7.1)
    marc (0.7.1)
    mediashelf-loggable (0.4.9)
    method_source (0.8.2)
    mime-types (1.25.1)
    mini_magick (4.9.5)
    mini_portile2 (2.4.0)
    minitest (5.13.0)
    mongo (1.12.5)
      bson (= 1.12.5)
    mono_logger (1.1.0)
    multi_json (1.13.1)
    multipart-post (2.0.0)
    mysql2 (0.3.21)
    net-http-persistent (2.9.4)
    net-scp (1.2.1)
      net-ssh (>= 2.6.5)
    net-sftp (2.1.2)
      net-ssh (>= 2.6.5)
    net-ssh (3.2.0)
    net-ssh-gateway (1.2.0)
      net-ssh (>= 2.6.5)
    netaddr (1.5.0)
    netrc (0.11.0)
    nio4r (2.5.2)
    noid (0.7.1)
    nokogiri (1.10.7)
      mini_portile2 (~> 2.4.0)
    nom-xml (0.5.1)
      activesupport
      i18n
      nokogiri
    om (3.0.4)
      activemodel
      activesupport
      deprecation
      mediashelf-loggable
      nokogiri (>= 1.4.2)
      solrizer (~> 3.1.0)
    orm_adapter (0.5.0)
    parslet (1.5.0)
      blankslate (~> 2.0)
    poltergeist (1.5.1)
      capybara (~> 2.1)
      cliver (~> 0.3.1)
      multi_json (~> 1.0)
      websocket-driver (>= 0.2.0)
    polyglot (0.3.5)
    pry (0.9.12.2)
      coderay (~> 1.0.5)
      method_source (~> 0.8)
      slop (~> 3.4)
    pry-byebug (1.3.2)
      byebug (~> 2.7)
      pry (~> 0.9.12)
    pry-doc (0.4.6)
      pry (>= 0.9)
      yard (>= 0.8)
    pry-rails (0.3.2)
      pry (>= 0.9.10)
    pry-remote (0.1.8)
      pry (~> 0.9)
      slop (~> 3.0)
    puma (4.3.1)
      nio4r (~> 2.0)
    rack (1.6.11)
    rack-protection (1.5.5)
      rack
    rack-test (0.6.3)
      rack (>= 1.0)
    rails (4.2.11.1)
      actionmailer (= 4.2.11.1)
      actionpack (= 4.2.11.1)
      actionview (= 4.2.11.1)
      activejob (= 4.2.11.1)
      activemodel (= 4.2.11.1)
      activerecord (= 4.2.11.1)
      activesupport (= 4.2.11.1)
      bundler (>= 1.3.0, < 2.0)
      railties (= 4.2.11.1)
      sprockets-rails
    rails-deprecated_sanitizer (1.0.3)
      activesupport (>= 4.2.0.alpha)
    rails-dom-testing (1.0.9)
      activesupport (>= 4.2.0, < 5.0)
      nokogiri (~> 1.6)
      rails-deprecated_sanitizer (>= 1.0.1)
    rails-html-sanitizer (1.3.0)
      loofah (~> 2.3)
    railties (4.2.11.1)
      actionpack (= 4.2.11.1)
      activesupport (= 4.2.11.1)
      rake (>= 0.8.7)
      thor (>= 0.18.1, < 2.0)
    rake (11.3.0)
    rdf (1.1.2.1)
    rdf-aggregate-repo (1.1.0)
      rdf (>= 1.1)
    rdf-isomorphic (1.1.0)
      rdf (>= 1.1)
    rdf-json (1.1.0)
      rdf (>= 1.1.0)
    rdf-microdata (1.1.1.1)
      htmlentities (~> 4.3)
      nokogiri (~> 1.6)
      rdf (~> 1.1)
      rdf-xsd (~> 1.1)
    rdf-n3 (1.1.0.1)
      rdf (~> 1.1)
    rdf-rdfa (1.1.3.1)
      haml (~> 4.0)
      htmlentities (~> 4.3)
      rdf (~> 1.1)
      rdf-xsd (~> 1.1)
    rdf-rdfxml (1.1.0.1)
      rdf (~> 1.1)
      rdf-rdfa (~> 1.1)
      rdf-xsd (~> 1.1)
    rdf-trig (1.1.0)
      ebnf (>= 0.3.0)
      rdf (>= 1.0.7)
      rdf-turtle (>= 1.0.9)
    rdf-trix (1.1.0)
      rdf (>= 1.1)
    rdf-turtle (1.1.0.1)
      ebnf (>= 0.3.2)
      rdf (>= 1.1)
    rdf-xsd (1.1.0)
      rdf (>= 1.1)
    recursive-open-struct (0.4.4)
    redis (3.0.6)
    redis-namespace (1.5.1)
      redis (~> 3.0, >= 3.0.4)
    request_store (1.0.5)
    responders (2.4.1)
      actionpack (>= 4.2.0, < 6.0)
      railties (>= 4.2.0, < 6.0)
    resque (1.25.2)
      mono_logger (~> 1.0)
      multi_json (~> 1.0)
      redis-namespace (~> 1.3)
      sinatra (>= 0.9.2)
      vegas (~> 0.1.2)
    resque-retry (1.4.0)
      resque (~> 1.25)
      resque-scheduler (~> 4.0)
    resque-scheduler (4.0.0)
      mono_logger (~> 1.0)
      redis (~> 3.0)
      resque (~> 1.25)
      rufus-scheduler (~> 3.0)
    rest-client (1.8.0)
      http-cookie (>= 1.0.2, < 2.0)
      mime-types (>= 1.16, < 3.0)
      netrc (~> 0.7)
    rmagick (2.13.2)
    rsolr (1.0.10.pre1)
      builder (>= 2.1.2)
    rspec (2.99.0)
      rspec-core (~> 2.99.0)
      rspec-expectations (~> 2.99.0)
      rspec-mocks (~> 2.99.0)
    rspec-collection_matchers (1.0.0)
      rspec-expectations (>= 2.99.0.beta1)
    rspec-core (2.99.2)
    rspec-expectations (2.99.2)
      diff-lcs (>= 1.1.3, < 2.0)
    rspec-mocks (2.99.2)
    rspec-rails (2.99.0)
      actionpack (>= 3.0)
      activemodel (>= 3.0)
      activesupport (>= 3.0)
      railties (>= 3.0)
      rspec-collection_matchers
      rspec-core (~> 2.99.0)
      rspec-expectations (~> 2.99.0)
      rspec-mocks (~> 2.99.0)
    ruby-filemagic (0.4.2)
    ruby-vips (2.0.15)
      ffi (~> 1.9)
    rubydora (1.7.4)
      activemodel
      activesupport
      deprecation
      equivalent-xml
      fastercsv
      hooks (~> 0.3.0)
      mime-types
      nokogiri
      rest-client
    rufus-scheduler (3.0.9)
      tzinfo
    safe_yaml (0.9.7)
    sass (3.2.19)
    sass-rails (4.0.5)
      railties (>= 4.0.0, < 5.0)
      sass (~> 3.2.2)
      sprockets (~> 2.8, < 3.0)
      sprockets-rails (~> 2.0)
    shoulda (3.5.0)
      shoulda-context (~> 1.0, >= 1.0.1)
      shoulda-matchers (>= 1.4.1, < 3.0)
    shoulda-context (1.2.1)
    shoulda-matchers (2.7.0)
      activesupport (>= 3.0.0)
    simple_form (3.0.2)
      actionpack (~> 4.0)
      activemodel (~> 4.0)
    simplecov (0.7.1)
      multi_json (~> 1.0)
      simplecov-html (~> 0.7.1)
    simplecov-html (0.7.1)
    sinatra (1.4.5)
      rack (~> 1.4)
      rack-protection (~> 1.4)
      tilt (~> 1.3, >= 1.3.4)
    slop (3.4.6)
    solrizer (3.1.1)
      activesupport
      daemons
      mediashelf-loggable (~> 0.4.7)
      nokogiri
      stomp
      xml-simple
    sparql (1.1.2.1)
      builder (>= 3.0)
      ebnf (>= 0.3.2)
      json (>= 1.7)
      rdf (>= 1.1.0)
      rdf-aggregate-repo (>= 1.1.0)
      rdf-xsd (>= 1.0.2)
      sparql-client (>= 1.1)
      sxp (>= 0.1.3)
    sparql-client (1.1.1)
      json (>= 1.8)
      net-http-persistent (>= 1.4)
      rdf (>= 1.1)
    spring (0.0.11)
    sprockets (2.12.5)
      hike (~> 1.2)
      multi_json (~> 1.0)
      rack (~> 1.0)
      tilt (~> 1.1, != 1.3.0)
    sprockets-rails (2.3.3)
      actionpack (>= 3.0)
      activesupport (>= 3.0)
      sprockets (>= 2.8, < 4.0)
    sqlite3 (1.3.10)
    stomp (1.3.2)
    sxp (0.1.4)
      json (>= 1.1.1)
    term-ansicolor (1.2.2)
      tins (~> 0.8)
    thor (0.20.3)
    thread_safe (0.3.6)
    tilt (1.4.1)
    tins (0.12.0)
    treetop (1.4.15)
      polyglot
      polyglot (>= 0.3.1)
    tzinfo (1.2.5)
      thread_safe (~> 0.1)
    uber (0.0.6)
    uglifier (2.2.1)
      execjs (>= 0.3.0)
      multi_json (~> 1.0, >= 1.0.2)
    unf (0.1.4)
      unf_ext
    unf_ext (0.0.7.5)
    unicode (0.4.4)
    validatable (1.6.7)
    vegas (0.1.11)
      rack (>= 1.0.0)
    warden (1.2.7)
      rack (>= 1.0)
    webmock (1.16.1)
      addressable (>= 2.2.7)
      crack (>= 0.3.2)
    websocket-driver (0.3.5)
    xml-simple (1.1.3)
    xpath (2.0.0)
      nokogiri (~> 1.3)
    yard (0.9.20)

PLATFORMS
  ruby

DEPENDENCIES
  active-fedora!
  active_fedora-crosswalks
  blacklight
  blacklight_advanced_search (~> 2.2.0)
  bootstrap-sass (~> 2.3.2.0)
  bson (>= 1.12.3)
  bson_ext (>= 1.12.3)
  capistrano (= 2.15.5)
  capistrano-ext
  capybara
  capybara-screenshot
  carrierwave (~> 0.9.0)
  cocoon (~> 1.2.0)
  coffee-rails (~> 4.0.0)
  constantinople (~> 0.2.2)
  coveralls
  dalli
  database_cleaner
  devise (~> 3.1)
  devise-guests (~> 0.3)
  docsplit
  draper
  exifr (~> 1.1.3)
  factory_girl_rails
  fakeredis
  hybag
  hydra-derivatives
  hydra-head (= 6.4.0)!
  hydra-role-management
  ip-ranges (~> 0.1.1)
  jettywrapper
  jquery-fileupload-rails (~> 0.4.1)
  jquery-rails (~> 3.1.4)
  jquery-ui-rails
  logger (~> 1.2.8)!
  mail (~> 2.5.5)
  mail_form
  metadata-ingest-form (~> 2.4)!
  mini_magick
  mongo (>= 1.12.3)
  mysql2 (~> 0.3.20)
  noid
  nokogiri
  oai!
  poltergeist
  pry
  pry-byebug
  pry-doc
  pry-rails
  pry-remote
  puma
  qa!
  rails (~> 4.2.0)
  rake (~> 11.3.0)
  rdf (~> 1.1.2.1)
  rdf-mongo!
  recursive-open-struct
  responders (~> 2.0)
  resque (~> 1.25.0)
  resque-retry
  rest-client (~> 1.8.0)
  rmagick (~> 2.13.2)
  rspec-rails (~> 2.0)
  rspec_junit_formatter!
  ruby-filemagic (~> 0.4.2)
  ruby-vips (~> 2.0.12)
  sass-rails (~> 4.0.4)
  shoulda
  simple_form (~> 3.0.0)
  sparql
  sparql-client
  spring
  sprockets (~> 2.12.5)
  sprockets-digest-assets-fix!
  sqlite3 (~> 1.3.7)
  uglifier (>= 1.3.0)
  unicode
  webmock
  yard (~> 0.9.20)

BUNDLED WITH
   1.17.3
